GEM
  remote: https://rubygems.org/
  specs:
    colorize (1.1.0)
    connection_pool (2.5.0)
    redis (5.4.0)
      redis-client (>= 0.22.0)
    redis-client (0.24.0)
      connection_pool

PLATFORMS
  ruby
  x86_64-linux

DEPENDENCIES
  colorize
  redis

BUNDLED WITH
   2.6.3
